GIT
  remote: git://github.com/crowdtask/rails_admin.git
  revision: b329003cea45810ff5d263f373a9cc90b49c372f
  specs:
    rails_admin (1.2.0)
      builder (~> 3.1)
      coffee-rails (~> 4.0)
      font-awesome-rails (>= 3.0, < 5)
      haml (~> 5.0.0)
      jquery-rails (>= 3.0, < 5)
      jquery-ui-rails (~> 5.0)
      kaminari (>= 0.14, < 2.0)
      nested_form (~> 0.3)
      rack-pjax (>= 0.7)
      rails (>= 4.0, < 6)
      remotipart (~> 1.3)
      sass-rails (>= 4.0, < 6)

GEM
  remote: https://rubygems.org/
  specs:
    aasm (5.0.1)
      concurrent-ruby (~> 1.0)
    actioncable (5.1.6)
      actionpack (= 5.1.6)
      nio4r (~> 2.0)
      websocket-driver (~> 0.6.1)
    actionmailer (5.1.6)
      actionpack (= 5.1.6)
      actionview (= 5.1.6)
      activejob (= 5.1.6)
      mail (~> 2.5, >= 2.5.4)
      rails-dom-testing (~> 2.0)
    actionpack (5.1.6)
      actionview (= 5.1.6)
      activesupport (= 5.1.6)
      rack (~> 2.0)
      rack-test (>= 0.6.3)
      rails-dom-testing (~> 2.0)
      rails-html-sanitizer (~> 1.0, >= 1.0.2)
    actionview (5.1.6)
      activesupport (= 5.1.6)
      builder (~> 3.1)
      erubi (~> 1.4)
      rails-dom-testing (~> 2.0)
      rails-html-sanitizer (~> 1.0, >= 1.0.3)
    activejob (5.1.6)
      activesupport (= 5.1.6)
      globalid (>= 0.3.6)
    activemodel (5.1.6)
      activesupport (= 5.1.6)
    activerecord (5.1.6)
      activemodel (= 5.1.6)
      activesupport (= 5.1.6)
      arel (~> 8.0)
    activesupport (5.1.6)
      concurrent-ruby (~> 1.0, >= 1.0.2)
      i18n (>= 0.7, < 2)
      minitest (~> 5.1)
      tzinfo (~> 1.1)
    addressable (2.5.2)
      public_suffix (>= 2.0.2, < 4.0)
    airbrussh (1.3.0)
      sshkit (>= 1.6.1, != 1.7.0)
    annotate (2.7.4)
      activerecord (>= 3.2, < 6.0)
      rake (>= 10.4, < 13.0)
    arel (8.0.0)
    awesome_nested_set (3.1.4)
      activerecord (>= 4.0.0, < 5.3)
    bcrypt (3.1.12)
    binding_of_caller (0.8.0)
      debug_inspector (>= 0.0.1)
    bootstrap4-kaminari-views (1.0.0)
      kaminari (>= 0.13)
      rails (>= 3.1)
    builder (3.2.3)
    cancancan (2.3.0)
    capistrano (3.11.0)
      airbrussh (>= 1.0.0)
      i18n
      rake (>= 10.0.0)
      sshkit (>= 1.9.0)
    capistrano-bundler (1.3.0)
      capistrano (~> 3.1)
      sshkit (~> 1.2)
    capistrano-rails (1.4.0)
      capistrano (~> 3.1)
      capistrano-bundler (~> 1.1)
    capistrano3-puma (3.1.1)
      capistrano (~> 3.7)
      capistrano-bundler
      puma (~> 3.4)
    climate_control (0.2.0)
    cloner (0.6.1)
      activesupport
      net-ssh
      thor
    cocaine (0.6.0)
      terrapin (= 0.6.0)
    coderay (1.1.2)
    coffee-rails (4.2.2)
      coffee-script (>= 2.2.0)
      railties (>= 4.0.0)
    coffee-script (2.4.1)
      coffee-script-source
      execjs
    coffee-script-source (1.12.2)
    concurrent-ruby (1.1.2)
    crass (1.0.4)
    dalli (2.7.8)
    database_cleaner (1.7.0)
    debug_inspector (0.0.3)
    devise (4.5.0)
      bcrypt (~> 3.0)
      orm_adapter (~> 0.1)
      railties (>= 4.1.0, < 6.0)
      responders
      warden (~> 1.2.3)
    devise-i18n (1.6.5)
      devise (>= 4.4)
    diff-lcs (1.3)
    email_spec (2.2.0)
      htmlentities (~> 4.3.3)
      launchy (~> 2.1)
      mail (~> 2.7)
    erubi (1.7.1)
    execjs (2.7.0)
    factory_girl (4.9.0)
      activesupport (>= 3.0.0)
    factory_girl_rails (4.9.0)
      factory_girl (~> 4.9.0)
      railties (>= 3.0.0)
    faraday (0.15.3)
      multipart-post (>= 1.2, < 3)
    ffaker (2.10.0)
    ffi (1.9.25)
    font-awesome-rails (4.7.0.4)
      railties (>= 3.2, < 6.0)
    friendly_id (5.2.4)
      activerecord (>= 4.0.0)
    geocoder (1.5.0)
    glebtv-ckeditor (4.7.3.1)
      cocaine
      orm_adapter (~> 0.5.0)
    glebtv-simple_captcha (0.8.1)
    globalid (0.4.1)
      activesupport (>= 4.2.0)
    haml (5.0.4)
      temple (>= 0.8.0)
      tilt
    hashie (3.5.7)
    hipchat (1.6.0)
      httparty
      mimemagic
    htmlentities (4.3.4)
    httparty (0.16.2)
      multi_xml (>= 0.5.2)
    httpclient (2.8.3)
    i18n (1.1.1)
      concurrent-ruby (~> 1.0)
    jquery-rails (4.3.3)
      rails-dom-testing (>= 1, < 3)
      railties (>= 4.2.0)
      thor (>= 0.14, < 2.0)
    jquery-ui-rails (5.0.5)
      railties (>= 3.2.16)
    jwt (2.1.0)
    kaminari (1.1.1)
      activesupport (>= 4.1.0)
      kaminari-actionview (= 1.1.1)
      kaminari-activerecord (= 1.1.1)
      kaminari-core (= 1.1.1)
    kaminari-actionview (1.1.1)
      actionview
      kaminari-core (= 1.1.1)
    kaminari-activerecord (1.1.1)
      activerecord
      kaminari-core (= 1.1.1)
    kaminari-core (1.1.1)
    launchy (2.4.3)
      addressable (~> 2.3)
    listen (3.1.5)
      rb-fsevent (~> 0.9, >= 0.9.4)
      rb-inotify (~> 0.9, >= 0.9.7)
      ruby_dep (~> 1.2)
    loofah (2.2.3)
      crass (~> 1.0.2)
      nokogiri (>= 1.5.9)
    mail (2.7.1)
      mini_mime (>= 0.1.1)
    manual_slug (0.4.0)
      activesupport
    method_source (0.9.1)
    mime-types (3.2.2)
      mime-types-data (~> 3.2015)
    mime-types-data (3.2018.0812)
    mimemagic (0.3.2)
    mini_mime (1.0.1)
    mini_portile2 (2.3.0)
    minitest (5.11.3)
    multi_json (1.13.1)
    multi_xml (0.6.0)
    multipart-post (2.0.0)
    nested_form (0.3.2)
    net-scp (1.2.1)
      net-ssh (>= 2.6.5)
    net-ssh (5.0.2)
    nio4r (2.3.1)
    nokogiri (1.8.5)
      mini_portile2 (~> 2.3.0)
    oauth2 (1.4.1)
      faraday (>= 0.8, < 0.16.0)
      jwt (>= 1.0, < 3.0)
      multi_json (~> 1.3)
      multi_xml (~> 0.5)
      rack (>= 1.2, < 3)
    omniauth (1.8.1)
      hashie (>= 3.4.6, < 3.6.0)
      rack (>= 1.6.2, < 3)
    omniauth-facebook (5.0.0)
      omniauth-oauth2 (~> 1.2)
    omniauth-oauth2 (1.5.0)
      oauth2 (~> 1.1)
      omniauth (~> 1.2)
    omniauth-vkontakte (1.4.1)
      omniauth-oauth2 (~> 1.2)
    orm_adapter (0.5.0)
    paper_trail (10.0.1)
      activerecord (>= 4.2, < 5.3)
      request_store (~> 1.1)
    paper_trail-association_tracking (1.0.0)
    paperclip (6.1.0)
      activemodel (>= 4.2.0)
      activesupport (>= 4.2.0)
      mime-types
      mimemagic (~> 0.3.0)
      terrapin (~> 0.6.0)
    pg (1.1.3)
    pg_search (2.1.2)
      activerecord (>= 4.2)
      activesupport (>= 4.2)
      arel (>= 6)
    pry (0.11.3)
      coderay (~> 1.1.0)
      method_source (~> 0.9.0)
    pry-rails (0.3.6)
      pry (>= 0.10.4)
    public_suffix (3.0.3)
    puma (3.12.0)
    rack (2.0.6)
    rack-pjax (1.0.0)
      nokogiri (~> 1.5)
      rack (>= 1.1)
    rack-test (1.1.0)
      rack (>= 1.0, < 3)
    rails (5.1.6)
      actioncable (= 5.1.6)
      actionmailer (= 5.1.6)
      actionpack (= 5.1.6)
      actionview (= 5.1.6)
      activejob (= 5.1.6)
      activemodel (= 5.1.6)
      activerecord (= 5.1.6)
      activesupport (= 5.1.6)
      bundler (>= 1.3.0)
      railties (= 5.1.6)
      sprockets-rails (>= 2.0.0)
    rails-dom-testing (2.0.3)
      activesupport (>= 4.2.0)
      nokogiri (>= 1.6)
    rails-html-sanitizer (1.0.4)
      loofah (~> 2.2, >= 2.2.2)
    rails_admin_nested_set (0.5.4)
      rails (>= 4.1.0)
      rails_admin
    rails_admin_settings (1.5.0)
    rails_admin_toggleable (0.8.3)
      rails_admin
    railties (5.1.6)
      actionpack (= 5.1.6)
      activesupport (= 5.1.6)
      method_source
      rake (>= 0.8.7)
      thor (>= 0.18.1, < 2.0)
    rake (12.3.1)
    rb-fsevent (0.10.3)
    rb-inotify (0.9.10)
      ffi (>= 0.5.0, < 2)
    remotipart (1.4.2)
    request_store (1.4.1)
      rack (>= 1.4)
    responders (2.4.0)
      actionpack (>= 4.2.0, < 5.3)
      railties (>= 4.2.0, < 5.3)
    rocket_cms (0.27.7)
      addressable
      coffee-rails
      jquery-rails
      kaminari
      manual_slug
      rails (>= 5.1, < 5.3)
      smart_excerpt
      stringex
      thor
      validates_email_format_of
    rocket_cms_activerecord (0.27.7)
      awesome_nested_set
      devise
      friendly_id
      geocoder
      glebtv-ckeditor
      glebtv-simple_captcha
      paper_trail
      paperclip
      rails_admin
      rails_admin_nested_set
      rails_admin_settings
      rails_admin_toggleable
      rocket_cms (= 0.27.7)
      rocket_navigation
      simple_form
      sitemap_generator
      validates_lengths_from_database
    rocket_navigation (0.2.3)
      actionpack (>= 5.0)
      actionview (>= 5.0)
      activesupport (>= 5.0)
    rs_russian (0.13.0)
      activesupport (>= 3.0.0, < 6.0.0)
      i18n (~> 1.1.0)
      unicode (~> 0.4.4)
    rspec-core (3.8.0)
      rspec-support (~> 3.8.0)
    rspec-expectations (3.8.2)
      diff-lcs (>= 1.2.0, < 2.0)
      rspec-support (~> 3.8.0)
    rspec-mocks (3.8.0)
      diff-lcs (>= 1.2.0, < 2.0)
      rspec-support (~> 3.8.0)
    rspec-rails (3.8.1)
      actionpack (>= 3.0)
      activesupport (>= 3.0)
      railties (>= 3.0)
      rspec-core (~> 3.8.0)
      rspec-expectations (~> 3.8.0)
      rspec-mocks (~> 3.8.0)
      rspec-support (~> 3.8.0)
    rspec-support (3.8.0)
    ruby_dep (1.5.0)
    sass (3.7.0)
      sass-listen (~> 4.0.0)
    sass-listen (4.0.0)
      rb-fsevent (~> 0.9, >= 0.9.4)
      rb-inotify (~> 0.9, >= 0.9.7)
    sass-rails (5.0.7)
      railties (>= 4.0.0, < 6)
      sass (~> 3.1)
      sprockets (>= 2.8, < 4.0)
      sprockets-rails (>= 2.0, < 4.0)
      tilt (>= 1.1, < 3)
    sentry-raven (2.7.4)
      faraday (>= 0.7.6, < 1.0)
    simple_form (4.0.1)
      actionpack (>= 5.0)
      activemodel (>= 5.0)
    sitemap_generator (6.0.1)
      builder (~> 3.0)
    slim (4.0.1)
      temple (>= 0.7.6, < 0.9)
      tilt (>= 2.0.6, < 2.1)
    slim-rails (3.2.0)
      actionpack (>= 3.1)
      railties (>= 3.1)
      slim (>= 3.0, < 5.0)
    smart_excerpt (0.1.5)
      activesupport
      htmlentities
    sprockets (3.7.2)
      concurrent-ruby (~> 1.0)
      rack (> 1, < 3)
    sprockets-rails (3.2.1)
      actionpack (>= 4.0)
      activesupport (>= 4.0)
      sprockets (>= 3.0.0)
    sshkit (1.17.0)
      net-scp (>= 1.1.2)
      net-ssh (>= 2.8.0)
    stringex (2.8.5)
    temple (0.8.0)
    terrapin (0.6.0)
      climate_control (>= 0.0.3, < 1.0)
    thor (0.20.0)
    thread_safe (0.3.6)
    tilt (2.0.8)
    tzinfo (1.2.5)
      thread_safe (~> 0.1)
    uglifier (4.1.19)
      execjs (>= 0.3.0, < 3)
    unicode (0.4.4.4)
    validates_email_format_of (1.6.3)
      i18n
    validates_lengths_from_database (0.7.0)
      activerecord (>= 3)
    warden (1.2.7)
      rack (>= 1.0)
    webpack-rails (0.9.11)
      railties (>= 3.2.0)
    websocket-driver (0.6.5)
      websocket-extensions (>= 0.1.0)
    websocket-extensions (0.1.3)
    x-real-ip (0.2.1)
      activesupport
      rack

PLATFORMS
  ruby

DEPENDENCIES
  aasm
  annotate
  binding_of_caller
  bootstrap4-kaminari-views (>= 1.0.0)
  cancancan
  capistrano
  capistrano-bundler
  capistrano-rails
  capistrano3-puma
  cloner
  dalli
  database_cleaner
  devise (~> 4.5, >= 4.5.0)
  devise-i18n (>= 1.6.5)
  email_spec
  factory_girl_rails (>= 4.9.0)
  ffaker
  haml
  hipchat
  httpclient
  listen
  omniauth (>= 1.8.1)
  omniauth-facebook (>= 5.0.0)
  omniauth-vkontakte (>= 1.4.1)
  paper_trail-association_tracking
  pg
  pg_search
  pry-rails
  puma
  rails (= 5.1.6)
  rails_admin!
  rocket_cms_activerecord (>= 0.27.7)
  rs_russian
  rspec-rails (>= 3.8.0)
  sass
  sass-rails (>= 5.0.7)
  sentry-raven
  slim
  slim-rails (>= 3.2.0)
  thor
  uglifier
  webpack-rails (>= 0.9.11)
  x-real-ip (>= 0.2.1)

BUNDLED WITH
   1.16.6
